GEM
  remote: https://rubygems.org/
  specs:
    bigdecimal (3.1.9)
    extract-repo (0.0.11)
      foobara (~> 0.0.102)
      foobara-sh-cli-connector (~> 0.0.1)
    foob (0.0.13)
      foobara (~> 0.0.99)
      foobara-command-generator (~> 0.0.1)
      foobara-domain-generator (~> 0.0.1)
      foobara-domain-mapper-generator (~> 0.0.1)
      foobara-empty-ruby-project-generator (~> 0.0.1)
      foobara-empty-typescript-react-project-generator (~> 0.0.1)
      foobara-local-files-crud-driver-generator (~> 0.0.1)
      foobara-mcp-connector-generator (~> 0.0.1)
      foobara-organization-generator (~> 0.0.1)
      foobara-rack-connector-generator (~> 0.0.1)
      foobara-redis-crud-driver-generator (~> 0.0.1)
      foobara-remote-imports-generator (~> 0.0.1)
      foobara-resque-connector-generator (~> 0.0.1)
      foobara-resque-scheduler-connector-generator (~> 0.0.1)
      foobara-sh-cli-connector (~> 0.0.10)
      foobara-sh-cli-connector-generator (~> 0.0.1)
      foobara-type-generator (~> 0.0.1)
      foobara-typescript-react-command-form-generator (~> 0.0.1)
      foobara-typescript-remote-command-generator (~> 0.0.1)
    foobara (0.0.113)
      bigdecimal
      foobara-lru-cache (~> 0.0.2)
      foobara-util (~> 0.0.11)
      inheritable-thread-vars (~> 0.0.1)
    foobara-command-generator (0.0.3)
      foobara
      foobara-files-generator
    foobara-domain-generator (0.0.3)
      foobara
      foobara-files-generator
    foobara-domain-mapper-generator (0.0.4)
      foobara
      foobara-files-generator
    foobara-empty-ruby-project-generator (0.0.18)
      extract-repo (~> 0.0.1)
      foobara (~> 0.0.94)
      foobara-files-generator (~> 0.0.1)
    foobara-empty-typescript-react-project-generator (0.0.4)
      foobara
      foobara-files-generator
    foobara-files-generator (0.0.5)
      foobara
    foobara-local-files-crud-driver-generator (0.0.3)
      foobara
      foobara-files-generator
    foobara-lru-cache (0.0.2)
    foobara-mcp-connector-generator (0.0.6)
      foobara (~> 0.0.99)
    foobara-organization-generator (0.0.2)
      foobara
      foobara-files-generator
    foobara-rack-connector-generator (0.0.11)
      foobara
      foobara-files-generator
    foobara-redis-crud-driver-generator (0.0.4)
      foobara-files-generator (~> 0.0.1)
    foobara-remote-imports-generator (0.0.3)
      foobara
      foobara-files-generator
    foobara-resque-connector-generator (0.0.2)
      foobara
      foobara-files-generator
    foobara-resque-scheduler-connector-generator (0.0.2)
      foobara
      foobara-files-generator
    foobara-sh-cli-connector (0.0.16)
      foobara (~> 0.0.88)
    foobara-sh-cli-connector-generator (0.0.4)
      foobara-files-generator (~> 0.0.1)
    foobara-type-generator (0.0.4)
      foobara
      foobara-files-generator
    foobara-typescript-react-command-form-generator (0.0.12)
      foobara-typescript-remote-command-generator (~> 0.0.1)
    foobara-typescript-remote-command-generator (0.0.19)
      foobara-files-generator (~> 0.0.1)
    foobara-util (0.0.11)
    inheritable-thread-vars (0.0.2)

PLATFORMS
  ruby
  x86_64-linux

DEPENDENCIES
  foob

BUNDLED WITH
   2.6.8
